GIT
  remote: git@github.com:shell/sinatra-activerecord.git
  revision: 4f147aba8e9bd4fd3f321191a2d6ca3974f62345
  specs:
    sinatra-activerecord (0.1.3)
      sinatra (>= 0.9.4)

GEM
  remote: http://rubygems.org/
  specs:
    activemodel (3.2.1)
      activesupport (= 3.2.1)
      builder (~> 3.0.0)
    activerecord (3.2.1)
      activemodel (= 3.2.1)
      activesupport (= 3.2.1)
      arel (~> 3.0.0)
      tzinfo (~> 0.3.29)
    activerecord-nulldb-adapter (0.2.0)
      activerecord (>= 2.0.0)
    activesupport (3.2.1)
      i18n (~> 0.6)
      multi_json (~> 1.0)
    archive-tar-minitar (0.5.2)
    arel (3.0.2)
    builder (3.0.0)
    capybara (1.1.2)
      mime-types (>= 1.16)
      nokogiri (>= 1.3.3)
      rack (>= 1.0.0)
      rack-test (>= 0.5.4)
      selenium-webdriver (~> 2.0)
      xpath (~> 0.1.4)
    childprocess (0.3.1)
      ffi (~> 1.0.6)
    columnize (0.3.6)
    daemons (1.1.8)
    dalli (1.1.4)
    diff-lcs (1.1.3)
    eventmachine (0.12.10)
    ffi (1.0.11)
    foreman (0.39.0)
      term-ansicolor (~> 1.0.7)
      thor (>= 0.13.6)
    i18n (0.6.0)
    json (1.6.5)
    json_pure (1.6.5)
    linecache19 (0.5.12)
      ruby_core_source (>= 0.1.4)
    mime-types (1.17.2)
    multi_json (1.1.0)
    nokogiri (1.5.0)
    pg (0.13.2)
    rack (1.3.6)
    rack-cache (1.1)
      rack (>= 0.4)
    rack-protection (1.2.0)
      rack
    rack-test (0.6.1)
      rack (>= 1.0)
    rspec (2.8.0)
      rspec-core (~> 2.8.0)
      rspec-expectations (~> 2.8.0)
      rspec-mocks (~> 2.8.0)
    rspec-core (2.8.0)
    rspec-expectations (2.8.0)
      diff-lcs (~> 1.1.2)
    rspec-mocks (2.8.0)
    ruby-debug-base19 (0.11.25)
      columnize (>= 0.3.1)
      linecache19 (>= 0.5.11)
      ruby_core_source (>= 0.1.4)
    ruby-debug19 (0.11.6)
      columnize (>= 0.3.1)
      linecache19 (>= 0.5.11)
      ruby-debug-base19 (>= 0.11.19)
    ruby_core_source (0.1.5)
      archive-tar-minitar (>= 0.5.2)
    rubyzip (0.9.6.1)
    selenium-webdriver (2.13.0)
      childprocess (>= 0.2.1)
      ffi (~> 1.0.9)
      json_pure
      rubyzip
    sinatra (1.3.2)
      rack (~> 1.3, >= 1.3.6)
      rack-protection (~> 1.2)
      tilt (~> 1.3, >= 1.3.3)
    sqlite3 (1.3.5)
    term-ansicolor (1.0.7)
    thin (1.3.1)
      daemons (>= 1.0.9)
      eventmachine (>= 0.12.6)
      rack (>= 1.0.0)
    thor (0.14.6)
    tilt (1.3.3)
    tzinfo (0.3.31)
    xpath (0.1.4)
      nokogiri (~> 1.3)

PLATFORMS
  ruby

DEPENDENCIES
  activerecord
  activerecord-nulldb-adapter
  capybara
  dalli
  foreman
  json
  pg
  rack (= 1.3.6)
  rack-cache
  rack-test
  rspec (~> 2.8.0)
  ruby-debug19
  sinatra (= 1.3.2)
  sinatra-activerecord!
  sqlite3
  thin
